PATH
  remote: .
  specs:
    trailblazer-endpoint (0.0.1)
      dry-matcher (>= 0.8.0)

GEM
  remote: https://rubygems.org/
  specs:
    concurrent-ruby (1.1.5)
    declarative (0.0.10)
    declarative-builder (0.1.0)
      declarative-option (< 0.2.0)
    declarative-option (0.1.0)
    disposable (0.4.5)
      declarative (>= 0.0.9, < 1.0.0)
      declarative-builder (< 0.2.0)
      declarative-option (< 0.2.0)
      representable (>= 2.4.0, <= 3.1.0)
      uber (< 0.2.0)
    dry-core (0.4.8)
      concurrent-ruby (~> 1.0)
    dry-matcher (0.8.0)
      dry-core (>= 0.4.7)
    minitest (5.9.1)
    minitest-line (0.6.3)
      minitest (~> 5.0)
    multi_json (1.12.1)
    rake (11.3.0)
    reform (2.2.4)
      disposable (>= 0.4.1)
      representable (>= 2.4.0, < 3.1.0)
    representable (3.0.4)
      declarative (< 0.1.0)
      declarative-option (< 0.2.0)
      uber (< 0.2.0)
    trailblazer (2.1.0.rc13)
      trailblazer-macro (>= 2.1.0.rc12, < 2.2.0)
      trailblazer-macro-contract (>= 2.1.0.rc12, < 2.2.0)
      trailblazer-operation
    trailblazer-activity (0.8.3)
      trailblazer-context (>= 0.1.4)
    trailblazer-activity-dsl-linear (0.1.6)
      trailblazer-activity (>= 0.8.3, < 1.0.0)
    trailblazer-context (0.1.4)
    trailblazer-macro (2.1.0.rc13)
      trailblazer-activity-dsl-linear (>= 0.1.6, < 0.2.0)
      trailblazer-operation (>= 0.5.2)
    trailblazer-macro-contract (2.1.0.rc13)
      reform (>= 2.2.0, < 3.0.0)
    trailblazer-operation (0.5.2)
      trailblazer-activity-dsl-linear (>= 0.1.6, < 1.0.0)
    uber (0.1.0)

PLATFORMS
  ruby

DEPENDENCIES
  bundler
  minitest
  minitest-line
  multi_json
  rake
  trailblazer (>= 2.1.0.rc13)
  trailblazer-endpoint!

BUNDLED WITH
   1.17.2
